PATH
  remote: .
  specs:
    vmpooler-provider-ec2 (0.0.2)
      aws-sdk-ec2 (~> 1)
      net-ssh (>= 6.2, < 7.1)
      vmpooler (~> 2.3, >= 1.3.0)
      vmpooler-provider-gce (~> 0.4, >= 0.4.0)

GEM
  remote: https://rubygems.org/
  specs:
    addressable (2.8.1)
      public_suffix (>= 2.0.2, < 6.0)
    ast (2.4.2)
    aws-eventstream (1.2.0)
    aws-partitions (1.782.0)
    aws-sdk-core (3.176.1)
      aws-eventstream (~> 1, >= 1.0.2)
      aws-partitions (~> 1, >= 1.651.0)
      aws-sigv4 (~> 1.5)
      jmespath (~> 1, >= 1.6.1)
    aws-sdk-ec2 (1.387.0)
      aws-sdk-core (~> 3, >= 3.176.0)
      aws-sigv4 (~> 1.1)
    aws-sigv4 (1.6.0)
      aws-eventstream (~> 1, >= 1.0.2)
    bindata (2.4.14)
    builder (3.2.4)
    climate_control (1.2.0)
    coderay (1.1.3)
    concurrent-ruby (1.2.0)
    connection_pool (2.3.0)
    declarative (0.0.20)
    deep_merge (1.2.2)
    diff-lcs (1.5.0)
    docile (1.4.0)
    faraday (2.7.4)
      faraday-net_http (>= 2.0, < 3.1)
      ruby2_keywords (>= 0.0.4)
    faraday-net_http (3.0.2)
    ffi (1.15.5-java)
    google-apis-compute_v1 (0.60.0)
      google-apis-core (>= 0.9.1, < 2.a)
    google-apis-core (0.10.0)
      addressable (~> 2.5, >= 2.5.1)
      googleauth (>= 0.16.2, < 2.a)
      httpclient (>= 2.8.1, < 3.a)
      mini_mime (~> 1.0)
      representable (~> 3.0)
      retriable (>= 2.0, < 4.a)
      rexml
      webrick
    google-apis-dns_v1 (0.29.0)
      google-apis-core (>= 0.9.1, < 2.a)
    google-cloud-core (1.6.0)
      google-cloud-env (~> 1.0)
      google-cloud-errors (~> 1.0)
    google-cloud-dns (0.35.1)
      google-apis-dns_v1 (~> 0.1)
      google-cloud-core (~> 1.6)
      googleauth (>= 0.16.2, < 2.a)
      zonefile (~> 1.04)
    google-cloud-env (1.6.0)
      faraday (>= 0.17.3, < 3.0)
    google-cloud-errors (1.3.0)
    googleauth (1.2.0)
      faraday (>= 0.17.3, < 3.a)
      jwt (>= 1.4, < 3.0)
      memoist (~> 0.16)
      multi_json (~> 1.11)
      os (>= 0.9, < 2.0)
      signet (>= 0.16, < 2.a)
    httpclient (2.8.3)
    jmespath (1.6.2)
    json (2.6.3)
    json (2.6.3-java)
    jwt (2.6.0)
    memoist (0.16.2)
    method_source (1.0.0)
    mini_mime (1.1.2)
    mock_redis (0.36.0)
      ruby2_keywords
    multi_json (1.15.0)
    mustermann (2.0.2)
      ruby2_keywords (~> 0.0.1)
    net-ldap (0.17.1)
    net-ssh (7.0.1)
    nio4r (2.5.2)
    nio4r (2.5.2-java)
    opentelemetry-api (1.1.0)
    opentelemetry-common (0.19.6)
      opentelemetry-api (~> 1.0)
    opentelemetry-exporter-jaeger (0.20.1)
      opentelemetry-api (~> 1.0)
      opentelemetry-common (~> 0.19.2)
      opentelemetry-sdk (~> 1.0)
      thrift
    opentelemetry-instrumentation-base (0.19.0)
      opentelemetry-api (~> 1.0)
    opentelemetry-instrumentation-concurrent_ruby (0.19.2)
      opentelemetry-api (~> 1.0)
      opentelemetry-instrumentation-base (~> 0.19.0)
    opentelemetry-instrumentation-http_client (0.19.4)
      opentelemetry-api (~> 1.0)
      opentelemetry-common (~> 0.19.3)
      opentelemetry-instrumentation-base (~> 0.19.0)
    opentelemetry-instrumentation-redis (0.21.3)
      opentelemetry-api (~> 1.0)
      opentelemetry-common (~> 0.19.3)
      opentelemetry-instrumentation-base (~> 0.19.0)
    opentelemetry-instrumentation-sinatra (0.19.3)
      opentelemetry-api (~> 1.0)
      opentelemetry-common (~> 0.19.3)
      opentelemetry-instrumentation-base (~> 0.19.0)
    opentelemetry-registry (0.2.0)
      opentelemetry-api (~> 1.1)
    opentelemetry-resource_detectors (0.19.1)
      google-cloud-env
      opentelemetry-sdk
    opentelemetry-sdk (1.2.0)
      opentelemetry-api (~> 1.1)
      opentelemetry-common (~> 0.19.3)
      opentelemetry-registry (~> 0.2)
      opentelemetry-semantic_conventions
    opentelemetry-semantic_conventions (1.8.0)
      opentelemetry-api (~> 1.0)
    os (1.1.4)
    parallel (1.23.0)
    parser (3.2.2.1)
      ast (~> 2.4.1)
    pickup (0.0.11)
    prometheus-client (2.1.0)
    pry (0.14.2)
      coderay (~> 1.1)
      method_source (~> 1.0)
    pry (0.14.2-java)
      coderay (~> 1.1)
      method_source (~> 1.0)
      spoon (~> 0.0)
    public_suffix (5.0.1)
    puma (5.6.5)
      nio4r (~> 2.0)
    puma (5.6.5-java)
      nio4r (~> 2.0)
    rack (2.2.6.4)
    rack-protection (2.2.4)
      rack
    rack-test (2.1.0)
      rack (>= 1.3)
    rainbow (3.1.1)
    rake (13.0.6)
    redis (4.8.0)
    regexp_parser (2.8.0)
    representable (3.2.0)
      declarative (< 0.1.0)
      trailblazer-option (>= 0.1.1, < 0.2.0)
      uber (< 0.2.0)
    retriable (3.1.2)
    rexml (3.2.5)
    rspec (3.12.0)
      rspec-core (~> 3.12.0)
      rspec-expectations (~> 3.12.0)
      rspec-mocks (~> 3.12.0)
    rspec-core (3.12.0)
      rspec-support (~> 3.12.0)
    rspec-expectations (3.12.2)
      diff-lcs (>= 1.2.0, < 2.0)
      rspec-support (~> 3.12.0)
    rspec-mocks (3.12.3)
      diff-lcs (>= 1.2.0, < 2.0)
      rspec-support (~> 3.12.0)
    rspec-support (3.12.0)
    rubocop (1.50.2)
      json (~> 2.3)
      parallel (~> 1.10)
      parser (>= 3.2.0.0)
      rainbow (>= 2.2.2, < 4.0)
      regexp_parser (>= 1.8, < 3.0)
      rexml (>= 3.2.5, < 4.0)
      rubocop-ast (>= 1.28.0, < 2.0)
      ruby-progressbar (~> 1.7)
      unicode-display_width (>= 2.4.0, < 3.0)
    rubocop-ast (1.28.1)
      parser (>= 3.2.1.0)
    ruby-progressbar (1.13.0)
    ruby2_keywords (0.0.5)
    signet (0.17.0)
      addressable (~> 2.8)
      faraday (>= 0.17.5, < 3.a)
      jwt (>= 1.5, < 3.0)
      multi_json (~> 1.10)
    simplecov (0.22.0)
      docile (~> 1.1)
      simplecov-html (~> 0.11)
      simplecov_json_formatter (~> 0.1)
    simplecov-html (0.12.3)
    simplecov_json_formatter (0.1.4)
    sinatra (2.2.4)
      mustermann (~> 2.0)
      rack (~> 2.2)
      rack-protection (= 2.2.4)
      tilt (~> 2.0)
    spicy-proton (2.1.15)
      bindata (~> 2.3)
    spoon (0.0.6)
      ffi
    statsd-ruby (1.5.0)
    thor (1.2.2)
    thrift (0.17.0)
    tilt (2.0.11)
    trailblazer-option (0.1.2)
    uber (0.1.0)
    unicode-display_width (2.4.2)
    vmpooler (2.5.0)
      concurrent-ruby (~> 1.1)
      connection_pool (~> 2.2)
      deep_merge (~> 1.2)
      net-ldap (~> 0.16)
      opentelemetry-exporter-jaeger (= 0.20.1)
      opentelemetry-instrumentation-concurrent_ruby (= 0.19.2)
      opentelemetry-instrumentation-http_client (= 0.19.4)
      opentelemetry-instrumentation-redis (= 0.21.3)
      opentelemetry-instrumentation-sinatra (= 0.19.3)
      opentelemetry-resource_detectors (= 0.19.1)
      opentelemetry-sdk (~> 1.0, >= 1.0.2)
      pickup (~> 0.0.11)
      prometheus-client (~> 2.0)
      puma (~> 5.0, >= 5.0.4)
      rack (~> 2.2)
      rake (~> 13.0)
      redis (~> 4.1)
      sinatra (~> 2.0)
      spicy-proton (~> 2.1)
      statsd-ruby (~> 1.4)
    vmpooler-provider-gce (0.4.0)
      google-apis-compute_v1 (~> 0.14)
      google-cloud-dns (~> 0.35.1)
      googleauth (>= 0.16.2, < 1.3.0)
    webrick (1.8.1)
    yarjuf (2.0.0)
      builder
      rspec (~> 3)
    zonefile (1.06)

PLATFORMS
  universal-java-1.8
  universal-java-11
  x86_64-linux

DEPENDENCIES
  climate_control (>= 0.2.0)
  mock_redis (>= 0.17.0)
  pry
  rack-test (>= 0.6)
  rspec (>= 3.2)
  rubocop (~> 1.50.2)
  simplecov (>= 0.11.2)
  thor (~> 1.0, >= 1.0.1)
  vmpooler-provider-ec2!
  yarjuf (>= 2.0)

BUNDLED WITH
   2.4.5
